PATH
  remote: .
  specs:
    opqr (0.1.5)
      faye-websocket (~> 0.11.2)
      minitest (~> 5.0)
      terminal-table (~> 3.0)

GEM
  remote: https://gems.ruby-china.com/
  specs:
    eventmachine (1.2.7)
    faye-websocket (0.11.2)
      eventmachine (>= 0.12.0)
      websocket-driver (>= 0.5.1)
    minitest (5.17.0)
    rake (13.0.6)
    terminal-table (3.0.2)
      unicode-display_width (>= 1.1.1, < 3)
    unicode-display_width (2.4.2)
    websocket-driver (0.7.5)
      websocket-extensions (>= 0.1.0)
    websocket-extensions (0.1.5)

PLATFORMS
  x64-mingw-ucrt
  x86_64-linux

DEPENDENCIES
  faye-websocket (~> 0.11.2)
  minitest (~> 5.0)
  opqr!
  rake (~> 13.0)
  terminal-table (~> 3.0)

BUNDLED WITH
   2.4.12
